GEM
  remote: http://rubygems.org/
  specs:
    active_support (3.0.0)
      activesupport (= 3.0.0)
    activesupport (3.0.0)
    diff-lcs (1.1.3)
    i18n (0.6.1)
    redcarpet (2.1.1)
    rspec (2.11.0)
      rspec-core (~> 2.11.0)
      rspec-expectations (~> 2.11.0)
      rspec-mocks (~> 2.11.0)
    rspec-core (2.11.1)
    rspec-expectations (2.11.3)
      diff-lcs (~> 1.1.3)
    rspec-mocks (2.11.2)
    rspec_normalized_hash (0.0.1)
      active_support
      i18n
      rspec (>= 2.0.0)
    yard (0.8.2.1)

PLATFORMS
  ruby

DEPENDENCIES
  redcarpet
  rspec_normalized_hash (~> 0.0.1)
  yard (~> 0.8)
